{
	"Modality": "MR",
	"MagneticFieldStrength": 3,
	"ImagingFrequency": 123.229511,
	"Manufacturer": "Siemens",
	"ManufacturersModelName": "Prisma_fit",
	"InstitutionName": "MUSC-CBI",
	"InstitutionalDepartmentName": "Department",
	"InstitutionAddress": "Bee Street 30,Charleston ,South Carolina,US,29425",
	"DeviceSerialNumber": "167021",
	"StationName": "MRC35104",
	"BodyPartExamined": "HEAD",
	"PatientPosition": "HFS",
	"ProcedureStepDescription": "Research^BENITEZ",
	"SoftwareVersions": "syngo MR E11",
	"MRAcquisitionType": "2D",
	"SeriesDescription": "DKI_BIPOLAR_2.5mm_64dir_50slices",
	"ProtocolName": "DKI_BIPOLAR_2.5mm_64dir_50slices",
	"ScanningSequence": "EP",
	"SequenceVariant": "SK\\SP",
	"ScanOptions": "SFS",
	"SequenceName": "*ep_b0",
	"ImageType": ["ORIGINAL", "PRIMARY", "DIFFUSION", "NONE", "ND", "MOSAIC"],
	"NonlinearGradientCorrection": false,
	"SeriesNumber": 6,
	"AcquisitionTime": "18:05:51.740000",
	"AcquisitionNumber": 1,
	"SliceThickness": 2.5,
	"SpacingBetweenSlices": 2.5,
	"SAR": 0.300555,
	"EchoTime": 0.085,
	"RepetitionTime": 4.6,
	"SpoilingState": true,
	"FlipAngle": 90,
	"PartialFourier": 1,
	"BaseResolution": 88,
	"ShimSetting": [
		3708,
		-9970,
		2825,
		533,
		98,
		13,
		220,
		-24	],
	"DiffusionScheme": "Bipolar",
	"TxRefAmp": 232.024,
	"PhaseResolution": 1,
	"ReceiveCoilName": "Head_32",
	"ReceiveCoilActiveElements": "HEA;HEP",
	"PulseSequenceDetails": "%SiemensSeq%\\ep2d_diff",
	"RefLinesPE": 24,
	"CoilCombinationMethod": "Adaptive Combine",
	"ConsistencyInfo": "N4_VE11C_LATEST_20160120",
	"MultibandAccelerationFactor": 2,
	"PercentPhaseFOV": 100,
	"PercentSampling": 100,
	"EchoTrainLength": 43,
	"PhaseEncodingSteps": 87,
	"AcquisitionMatrixPE": 88,
	"ReconMatrixPE": 88,
	"BandwidthPerPixelPhaseEncode": 29.516,
	"ParallelReductionFactorInPlane": 2,
	"EffectiveEchoSpacing": 0.000384999,
	"DerivedVendorReportedEchoSpacing": 0.000769998,
	"TotalReadoutTime": 0.0334949,
	"PixelBandwidth": 1495,
	"DwellTime": 3.8e-06,
	"PhaseEncodingDirection": "j-",
	"SliceTiming": [
		2.1975,
		0,
		2.38,
		0.1825,
		2.565,
		0.365,
		2.7475,
		0.5475,
		2.93,
		0.7325,
		3.1125,
		0.915,
		3.2975,
		1.0975,
		3.48,
		1.2825,
		3.6625,
		1.465,
		3.845,
		1.6475,
		4.03,
		1.83,
		4.2125,
		2.015,
		4.395,
		2.1975,
		0,
		2.38,
		0.1825,
		2.565,
		0.365,
		2.7475,
		0.5475,
		2.93,
		0.7325,
		3.1125,
		0.915,
		3.2975,
		1.0975,
		3.48,
		1.2825,
		3.6625,
		1.465,
		3.845,
		1.6475,
		4.03,
		1.83,
		4.2125,
		2.015,
		4.395	],
	"ImageOrientationPatientDICOM": [
		0.999587,
		-0.0283945,
		0.00446062,
		0.0282702,
		0.999267,
		0.025821	],
	"ImageOrientationText": "Tra>Cor(1.5)>Sag(0.3)",
	"InPlanePhaseEncodingDirectionDICOM": "COL",
	"ConversionSoftware": "dcm2niix",
	"ConversionSoftwareVersion": "v1.0.20230411"
}
